GEM
  remote: https://rubygems.org/
  specs:
    be_valid_asset (1.3.1)
      rspec
    byebug (11.1.3)
    diff-lcs (1.4.4)
    json (2.3.1)
    mini_portile2 (2.4.0)
    nokogiri (1.10.10)
      mini_portile2 (~> 2.4.0)
    rspec (3.9.0)
      rspec-core (~> 3.9.0)
      rspec-expectations (~> 3.9.0)
      rspec-mocks (~> 3.9.0)
    rspec-core (3.9.2)
      rspec-support (~> 3.9.3)
    rspec-expectations (3.9.2)
      diff-lcs (>= 1.2.0, < 2.0)
      rspec-support (~> 3.9.0)
    rspec-mocks (3.9.1)
      diff-lcs (>= 1.2.0, < 2.0)
      rspec-support (~> 3.9.0)
    rspec-support (3.9.3)
    w3c_validators (1.3.5)
      json (>= 1.8)
      nokogiri (~> 1.6)

PLATFORMS
  ruby

DEPENDENCIES
  be_valid_asset
  byebug
  nokogiri
  rspec
  w3c_validators

BUNDLED WITH
   2.1.2
